GEM
  remote: https://rubygems.org/
  specs:
    ffi (1.9.10)
    rb-inotify (0.9.5)
      ffi (>= 0.5.0)

PLATFORMS
  ruby

DEPENDENCIES
  rb-inotify

BUNDLED WITH
   1.10.6
